GEM
  remote: https://rubygems.org/
  specs:
    bindata (2.1.0)
    eventmachine (1.0.3)
    haml (4.0.5)
      tilt
    httparty (0.13.1)
      json (~> 1.8)
      multi_xml (>= 0.5.2)
    json (1.8.1)
    multi_xml (0.5.5)
    rack (1.5.2)
    rack-protection (1.5.3)
      rack
    sinatra (1.4.5)
      rack (~> 1.4)
      rack-protection (~> 1.4)
      tilt (~> 1.3, >= 1.3.4)
    tilt (1.4.1)

PLATFORMS
  ruby

DEPENDENCIES
  bindata
  eventmachine
  haml
  httparty
  sinatra
